PATH
  remote: .
  specs:
    html2odt (0.1.0)
      dimensions (~> 1.3.0)
      nokogiri (~> 1.6.7.2)
      rubyzip (~> 1.2.0)

GEM
  remote: https://rubygems.org/
  specs:
    byebug (9.0.3)
    dimensions (1.3.0)
    mini_portile2 (2.0.0)
    minitest (5.8.4)
    nokogiri (1.6.7.2)
      mini_portile2 (~> 2.0.0.rc2)
    rake (10.5.0)
    rubyzip (1.2.0)

PLATFORMS
  ruby

DEPENDENCIES
  bundler (~> 1.12)
  byebug
  html2odt!
  minitest (~> 5.0)
  rake (~> 10.0)

BUNDLED WITH
   1.12.3
