PATH
  remote: .
  specs:
    rodt (0.1.0)
      mimemagic (~> 0.3.1)
      nokogiri (~> 1.6.7.2)
      ruby-xslt (~> 0.9.9)
      rubyzip (~> 1.2.0)

GEM
  remote: https://rubygems.org/
  specs:
    mimemagic (0.3.1)
    mini_portile2 (2.0.0)
    minitest (5.8.4)
    nokogiri (1.6.7.2)
      mini_portile2 (~> 2.0.0.rc2)
    rake (10.5.0)
    ruby-xslt (0.9.9)
    rubyzip (1.2.0)

PLATFORMS
  ruby

DEPENDENCIES
  bundler (~> 1.12)
  minitest (~> 5.0)
  rake (~> 10.0)
  rodt!

BUNDLED WITH
   1.12.3
