PATH
  remote: .
  specs:
    rodt (0.1.0)

GEM
  remote: https://rubygems.org/
  specs:
    minitest (5.8.4)
    rake (10.5.0)

PLATFORMS
  ruby

DEPENDENCIES
  bundler (~> 1.12)
  minitest (~> 5.0)
  rake (~> 10.0)
  rodt!

BUNDLED WITH
   1.12.3
